GEM
  remote: https://rubygems.org/
  specs:
    async (2.21.1)
      console (~> 1.29)
      fiber-annotation
      io-event (~> 1.6, >= 1.6.5)
    console (1.29.2)
      fiber-annotation
      fiber-local (~> 1.1)
      json
    fiber-annotation (0.2.0)
    fiber-local (1.1.0)
      fiber-storage
    fiber-storage (1.0.0)
    io-event (1.7.5)
    json (2.9.1)
    parallel (1.26.3)

PLATFORMS
  ruby
  x86_64-linux

DEPENDENCIES
  async
  parallel

BUNDLED WITH
   2.5.18
